GEM
  remote: http://rubygems.org/
  specs:
    espeak-ruby (1.0.4)
    puma (3.11.4)
    rack (2.2.3)
    roda (3.22.0)
      rack

PLATFORMS
  ruby

DEPENDENCIES
  espeak-ruby
  puma
  roda

BUNDLED WITH
   1.16.6
